GEM
  remote: https://rubygems.org/
  specs:
    ffi (1.9.18)
    json (2.0.3)
    puma (3.8.2)
    rack (1.6.5)
    rack-protection (1.5.3)
      rack
    rbnacl (4.0.2)
      ffi
    rbnacl-libsodium (1.0.11)
      rbnacl (>= 3.0.1)
    sinatra (1.4.8)
      rack (~> 1.5)
      rack-protection (~> 1.4)
      tilt (>= 1.3, < 3)
    tilt (2.0.7)

PLATFORMS
  ruby

DEPENDENCIES
  json
  puma
  rbnacl-libsodium
  sinatra

RUBY VERSION
   ruby 2.4.0p-1

BUNDLED WITH
   1.14.6
